GEM
  remote: http://rubygems.org/
  specs:
    activesupport (4.1.2)
      i18n (~> 0.6, >= 0.6.9)
      json (~> 1.7, >= 1.7.7)
      minitest (~> 5.1)
      thread_safe (~> 0.1)
      tzinfo (~> 1.1)
    atk (2.2.0)
      glib2 (= 2.2.0)
    cairo (1.12.9)
      pkg-config (>= 1.1.5)
    diff-lcs (1.2.5)
    gdk_pixbuf2 (2.2.0)
      glib2 (= 2.2.0)
    glib2 (2.2.0)
      pkg-config
    gtk2 (2.2.0)
      atk (= 2.2.0)
      gdk_pixbuf2 (= 2.2.0)
      pango (= 2.2.0)
    i18n (0.6.9)
    json (1.8.1)
    minitest (5.3.5)
    pango (2.2.0)
      cairo (>= 1.12.5)
      glib2 (= 2.2.0)
    pkg-config (1.1.5)
    rake (10.3.2)
    rspec (3.0.0)
      rspec-core (~> 3.0.0)
      rspec-expectations (~> 3.0.0)
      rspec-mocks (~> 3.0.0)
    rspec-core (3.0.2)
      rspec-support (~> 3.0.0)
    rspec-expectations (3.0.2)
      diff-lcs (>= 1.2.0, < 2.0)
      rspec-support (~> 3.0.0)
    rspec-mocks (3.0.2)
      rspec-support (~> 3.0.0)
    rspec-support (3.0.2)
    rugui (2.0.0.beta3)
      activesupport (>= 3.2.0)
      rake (>= 0.9.2.2)
      thor (>= 0.14.6)
    thor (0.19.1)
    thread_safe (0.3.4)
    tzinfo (1.2.1)
      thread_safe (~> 0.1)

PLATFORMS
  ruby

DEPENDENCIES
  gtk2
  rspec (>= 2.11.0)
  rugui (~> 2.0.0.beta)
